GEM
  remote: https://rubygems.org/
  specs:
    dotenv (3.1.0)
    httparty (0.21.0)
      mini_mime (>= 1.0.0)
      multi_xml (>= 0.5.2)
    mini_mime (1.1.5)
    multi_xml (0.6.0)

PLATFORMS
  ruby
  x86_64-linux

DEPENDENCIES
  dotenv
  httparty

BUNDLED WITH
   2.5.5
